GEM
  remote: https://rubygems.org/
  specs:

PLATFORMS
  ruby

DEPENDENCIES
  json
  pry
  rake (~> 12.0)
  rest-client
  rspec (~> 3.0)

BUNDLED WITH
   2.0.1
